STORAGE: NONE
RESTRICTION: || (== net6.0) (== net7.0)
NUGET
  remote: https://www.nuget.org/api/v2
    AWSSDK.Core (3.7.302.9)
    AWSSDK.SecurityToken (3.7.300.50)
      AWSSDK.Core (>= 3.7.302.9 < 4.0)
    DnsClient (1.7)
      Microsoft.Win32.Registry (>= 5.0)
    Humanizer.Core (2.14.1)
    McMaster.Extensions.CommandLineUtils (4.1)
      System.ComponentModel.Annotations (>= 5.0)
    Microsoft.Bcl.AsyncInterfaces (8.0)
    Microsoft.CodeAnalysis (4.8)
      Microsoft.CodeAnalysis.CSharp.Workspaces (4.8)
      Microsoft.CodeAnalysis.VisualBasic.Workspaces (4.8)
    Microsoft.CodeAnalysis.Analyzers (3.3.4)
    Microsoft.CodeAnalysis.Common (4.8)
      Microsoft.CodeAnalysis.Analyzers (>= 3.3.4)
      System.Collections.Immutable (>= 7.0)
      System.Reflection.Metadata (>= 7.0)
      System.Runtime.CompilerServices.Unsafe (>= 6.0)
    Microsoft.CodeAnalysis.CSharp (4.8)
      Microsoft.CodeAnalysis.Common (4.8)
    Microsoft.CodeAnalysis.CSharp.Workspaces (4.8)
      Humanizer.Core (>= 2.14.1)
      Microsoft.CodeAnalysis.Common (4.8)
      Microsoft.CodeAnalysis.CSharp (4.8)
      Microsoft.CodeAnalysis.Workspaces.Common (4.8)
    Microsoft.CodeAnalysis.VisualBasic (4.8)
      Microsoft.CodeAnalysis.Common (4.8)
    Microsoft.CodeAnalysis.VisualBasic.Workspaces (4.8)
      Microsoft.CodeAnalysis.Common (4.8)
      Microsoft.CodeAnalysis.VisualBasic (4.8)
      Microsoft.CodeAnalysis.Workspaces.Common (4.8)
    Microsoft.CodeAnalysis.Workspaces.Common (4.8)
      Humanizer.Core (>= 2.14.1)
      Microsoft.Bcl.AsyncInterfaces (>= 7.0)
      Microsoft.CodeAnalysis.Common (4.8)
      System.Composition (>= 7.0)
      System.IO.Pipelines (>= 7.0)
      System.Threading.Channels (>= 7.0)
    Microsoft.CodeCoverage (17.9)
    Microsoft.Extensions.DependencyInjection.Abstractions (8.0)
    Microsoft.Extensions.Logging.Abstractions (8.0)
      Microsoft.Extensions.DependencyInjection.Abstractions (>= 8.0)
    Microsoft.NET.Test.Sdk (17.9)
      Microsoft.CodeCoverage (>= 17.9)
      Microsoft.TestPlatform.TestHost (>= 17.9)
    Microsoft.TestPlatform.ObjectModel (17.9)
      System.Reflection.Metadata (>= 1.6)
    Microsoft.TestPlatform.TestHost (17.9)
      Microsoft.TestPlatform.ObjectModel (>= 17.9)
      Newtonsoft.Json (>= 13.0.1)
    Microsoft.Win32.Registry (5.0)
      System.Security.AccessControl (>= 5.0)
      System.Security.Principal.Windows (>= 5.0)
    MongoDB.Bson (2.23.1)
      System.Memory (>= 4.5.5)
      System.Runtime.CompilerServices.Unsafe (>= 5.0)
    MongoDB.Driver (2.23.1)
      Microsoft.Extensions.Logging.Abstractions (>= 2.0)
      MongoDB.Bson (>= 2.23.1)
      MongoDB.Driver.Core (>= 2.23.1)
      MongoDB.Libmongocrypt (>= 1.8)
    MongoDB.Driver.Core (2.23.1)
      AWSSDK.SecurityToken (>= 3.7.100.14)
      DnsClient (>= 1.6.1)
      Microsoft.Extensions.Logging.Abstractions (>= 2.0)
      MongoDB.Bson (>= 2.23.1)
      MongoDB.Libmongocrypt (>= 1.8)
      SharpCompress (>= 0.30.1)
      Snappier (>= 1.0)
      System.Buffers (>= 4.5.1)
      ZstdSharp.Port (>= 0.7.3)
    MongoDB.Libmongocrypt (1.8.2)
    Mono.TextTemplating (2.3.1)
      System.CodeDom (>= 5.0)
    Newtonsoft.Json (13.0.3)
    NUnit (4.0.1)
    NUnit3TestAdapter (4.5)
    SharpCompress (0.36)
      ZstdSharp.Port (>= 0.7.4)
    Snappier (1.1.5)
    System.Buffers (4.5.1)
    System.CodeDom (8.0)
    System.Collections.Immutable (8.0)
      System.Runtime.CompilerServices.Unsafe (>= 6.0) - restriction: || (== net6.0) (&& (== net7.0) (>= net462)) (&& (== net7.0) (< net6.0))
    System.ComponentModel.Annotations (5.0)
    System.Composition (8.0)
      System.Composition.AttributedModel (>= 8.0)
      System.Composition.Convention (>= 8.0)
      System.Composition.Hosting (>= 8.0)
      System.Composition.Runtime (>= 8.0)
      System.Composition.TypedParts (>= 8.0)
    System.Composition.AttributedModel (8.0)
    System.Composition.Convention (8.0)
      System.Composition.AttributedModel (>= 8.0)
    System.Composition.Hosting (8.0)
      System.Composition.Runtime (>= 8.0)
    System.Composition.Runtime (8.0)
    System.Composition.TypedParts (8.0)
      System.Composition.AttributedModel (>= 8.0)
      System.Composition.Hosting (>= 8.0)
      System.Composition.Runtime (>= 8.0)
    System.IO.Pipelines (8.0)
    System.Memory (4.5.5)
    System.Reflection.Metadata (8.0)
      System.Collections.Immutable (>= 8.0)
    System.Runtime.CompilerServices.Unsafe (6.0)
    System.Security.AccessControl (6.0)
    System.Security.Principal.Windows (5.0)
    System.Threading.Channels (8.0)
    ZstdSharp.Port (0.7.5)
