STORAGE: NONE
RESTRICTION: || (== net6.0) (== net7.0)
NUGET
  remote: https://www.nuget.org/api/v2
    AWSSDK.Core (3.7.302.6)
    AWSSDK.SecurityToken (3.7.300.47)
      AWSSDK.Core (>= 3.7.302.6 < 4.0)
    DnsClient (1.7)
      Microsoft.Win32.Registry (>= 5.0)
    Microsoft.CodeCoverage (17.8)
    Microsoft.Extensions.DependencyInjection.Abstractions (8.0)
    Microsoft.Extensions.Logging.Abstractions (8.0)
      Microsoft.Extensions.DependencyInjection.Abstractions (>= 8.0)
    Microsoft.NET.Test.Sdk (17.8)
      Microsoft.CodeCoverage (>= 17.8)
      Microsoft.TestPlatform.TestHost (>= 17.8)
    Microsoft.TestPlatform.ObjectModel (17.8)
      NuGet.Frameworks (>= 6.5)
      System.Reflection.Metadata (>= 1.6)
    Microsoft.TestPlatform.TestHost (17.8)
      Microsoft.TestPlatform.ObjectModel (>= 17.8)
      Newtonsoft.Json (>= 13.0.1)
    Microsoft.Win32.Registry (5.0)
      System.Security.AccessControl (>= 5.0)
      System.Security.Principal.Windows (>= 5.0)
    MongoDB.Bson (2.23.1)
      System.Memory (>= 4.5.5)
      System.Runtime.CompilerServices.Unsafe (>= 5.0)
    MongoDB.Driver (2.23.1)
      Microsoft.Extensions.Logging.Abstractions (>= 2.0)
      MongoDB.Bson (>= 2.23.1)
      MongoDB.Driver.Core (>= 2.23.1)
      MongoDB.Libmongocrypt (>= 1.8)
    MongoDB.Driver.Core (2.23.1)
      AWSSDK.SecurityToken (>= 3.7.100.14)
      DnsClient (>= 1.6.1)
      Microsoft.Extensions.Logging.Abstractions (>= 2.0)
      MongoDB.Bson (>= 2.23.1)
      MongoDB.Libmongocrypt (>= 1.8)
      SharpCompress (>= 0.30.1)
      Snappier (>= 1.0)
      System.Buffers (>= 4.5.1)
      ZstdSharp.Port (>= 0.7.3)
    MongoDB.Libmongocrypt (1.8.2)
    Newtonsoft.Json (13.0.3)
    NuGet.Frameworks (6.8)
    NUnit (4.0.1)
    NUnit3TestAdapter (4.5)
    SharpCompress (0.36)
      ZstdSharp.Port (>= 0.7.4)
    Snappier (1.1.5)
    System.Buffers (4.5.1)
    System.Collections.Immutable (8.0)
      System.Runtime.CompilerServices.Unsafe (>= 6.0) - restriction: || (== net6.0) (&& (== net7.0) (>= net462)) (&& (== net7.0) (< net6.0))
    System.Memory (4.5.5)
    System.Reflection.Metadata (8.0)
      System.Collections.Immutable (>= 8.0)
    System.Runtime.CompilerServices.Unsafe (6.0)
    System.Security.AccessControl (6.0)
    System.Security.Principal.Windows (5.0)
    ZstdSharp.Port (0.7.5)
